GEM
  remote: http://rubygems.org/
  specs:
    addressable (2.2.5)
    faraday (0.6.0)
      addressable (~> 2.2.4)
      multipart-post (~> 1.1.0)
      rack (>= 1.1.0, < 2)
    faraday_middleware (0.6.3)
      faraday (~> 0.6.0)
    git (1.2.5)
    hashie (1.0.0)
    jeweler (1.5.2)
      bundler (~> 1.0.0)
      git (>= 1.2.5)
      rake
    json (1.5.1)
    multi_json (0.0.5)
    multi_xml (0.2.2)
    multipart-post (1.1.0)
    rack (1.2.2)
    rake (0.8.7)
    rash (0.3.0)
      hashie (~> 1.0.0)
    rcov (0.9.9)
    ruby-cache (0.3.0)
    shoulda (2.11.3)
    simple_oauth (0.1.4)
    twitter (1.3.0)
      faraday (~> 0.6.0)
      faraday_middleware (~> 0.6.3)
      hashie (~> 1.0.0)
      multi_json (~> 0.0.5)
      multi_xml (~> 0.2.0)
      rash (~> 0.3.0)
      simple_oauth (~> 0.1.4)

PLATFORMS
  ruby

DEPENDENCIES
  bundler (~> 1.0.0)
  jeweler (~> 1.5.2)
  json (>= 1.4.3)
  rcov
  ruby-cache (>= 0.3.0)
  shoulda
  twitter (>= 1.1.2)
